PATH
  remote: .
  specs:
    eventbrite (0.1.0)

GEM
  remote: https://rubygems.org/
  specs:
    rake (10.4.2)

PLATFORMS
  ruby

DEPENDENCIES
  bundler (~> 1.17)
  eventbrite!
  rake (~> 10.0)

BUNDLED WITH
   1.17.1
